PATH
  remote: .
  specs:
    openai-chat (0.0.2)

GEM
  remote: https://rubygems.org/
  specs:

PLATFORMS
  x86_64-linux

DEPENDENCIES
  openai-chat!

BUNDLED WITH
   2.3.7
